GEM
  remote: https://rubygems.org/
  specs:
    actioncable (7.1.3.2)
      actionpack (= 7.1.3.2)
      activesupport (= 7.1.3.2)
      nio4r (~> 2.0)
      websocket-driver (>= 0.6.1)
      zeitwerk (~> 2.6)
    actionmailbox (7.1.3.2)
      actionpack (= 7.1.3.2)
      activejob (= 7.1.3.2)
      activerecord (= 7.1.3.2)
      activestorage (= 7.1.3.2)
      activesupport (= 7.1.3.2)
      mail (>= 2.7.1)
      net-imap
      net-pop
      net-smtp
    actionmailer (7.1.3.2)
      actionpack (= 7.1.3.2)
      actionview (= 7.1.3.2)
      activejob (= 7.1.3.2)
      activesupport (= 7.1.3.2)
      mail (~> 2.5, >= 2.5.4)
      net-imap
      net-pop
      net-smtp
      rails-dom-testing (~> 2.2)
    actionpack (7.1.3.2)
      actionview (= 7.1.3.2)
      activesupport (= 7.1.3.2)
      nokogiri (>= 1.8.5)
      racc
      rack (>= 2.2.4)
      rack-session (>= 1.0.1)
      rack-test (>= 0.6.3)
      rails-dom-testing (~> 2.2)
      rails-html-sanitizer (~> 1.6)
    actiontext (7.1.3.2)
      actionpack (= 7.1.3.2)
      activerecord (= 7.1.3.2)
      activestorage (= 7.1.3.2)
      activesupport (= 7.1.3.2)
      globalid (>= 0.6.0)
      nokogiri (>= 1.8.5)
    actionview (7.1.3.2)
      activesupport (= 7.1.3.2)
      builder (~> 3.1)
      erubi (~> 1.11)
      rails-dom-testing (~> 2.2)
      rails-html-sanitizer (~> 1.6)
    activejob (7.1.3.2)
      activesupport (= 7.1.3.2)
      globalid (>= 0.3.6)
    activemodel (7.1.3.2)
      activesupport (= 7.1.3.2)
    activerecord (7.1.3.2)
      activemodel (= 7.1.3.2)
      activesupport (= 7.1.3.2)
      timeout (>= 0.4.0)
    activestorage (7.1.3.2)
      actionpack (= 7.1.3.2)
      activejob (= 7.1.3.2)
      activerecord (= 7.1.3.2)
      activesupport (= 7.1.3.2)
      marcel (~> 1.0)
    activesupport (7.1.3.2)
      base64
      bigdecimal
      concurrent-ruby (~> 1.0, >= 1.0.2)
      connection_pool (>= 2.2.5)
      drb
      i18n (>= 1.6, < 2)
      minitest (>= 5.1)
      mutex_m
      tzinfo (~> 2.0)
    addressable (2.8.6)
      public_suffix (>= 2.0.2, < 6.0)
    airbrussh (1.5.2)
      sshkit (>= 1.6.1, != 1.7.0)
    amq-protocol (2.3.2)
    ast (2.4.2)
    attr_extras (7.1.0)
    base64 (0.2.0)
    bcrypt_pbkdf (1.1.0)
    bigdecimal (3.1.8)
    bootsnap (1.18.3)
      msgpack (~> 1.2)
    builder (3.2.4)
    bundler-audit (0.9.1)
      bundler (>= 1.2.0, < 3)
      thor (~> 1.0)
    bunny (2.22.0)
      amq-protocol (~> 2.3, >= 2.3.1)
      sorted_set (~> 1, >= 1.0.2)
    capistrano (3.18.1)
      airbrussh (>= 1.0.0)
      i18n
      rake (>= 10.0.0)
      sshkit (>= 1.9.0)
    capistrano-bundle_audit (0.4.0)
      bundler-audit (~> 0.5)
      capistrano (~> 3.0)
      capistrano-bundler (>= 1.4)
    capistrano-bundler (2.1.0)
      capistrano (~> 3.1)
    capistrano-one_time_key (0.1.0)
      capistrano (~> 3.0)
    capistrano-passenger (0.2.1)
      capistrano (~> 3.0)
    capistrano-rails (1.6.3)
      capistrano (~> 3.1)
      capistrano-bundler (>= 1.1, < 3)
    capistrano-shared_configs (0.2.2)
    chronic (0.10.2)
    cocina-models (0.96.0)
      activesupport
      deprecation
      dry-struct (~> 1.0)
      dry-types (~> 1.1)
      edtf
      equivalent-xml
      i18n
      jsonpath
      nokogiri
      openapi3_parser
      openapi_parser (~> 1.0)
      rss
      super_diff
      thor
      zeitwerk (~> 2.1)
    committee (5.0.0)
      json_schema (~> 0.14, >= 0.14.3)
      openapi_parser (~> 1.0)
      rack (>= 1.5)
    commonmarker (0.23.10)
    concurrent-ruby (1.2.3)
    config (5.4.0)
      deep_merge (~> 1.2, >= 1.2.1)
    connection_pool (2.4.1)
    crack (1.0.0)
      bigdecimal
      rexml
    crass (1.0.6)
    daemons (1.4.1)
    datacite (0.3.0)
      dry-monads (~> 1.3)
      faraday (~> 2.0)
      json_schema (~> 0.21.0)
      zeitwerk (~> 2.4)
    date (3.3.4)
    debug (1.9.2)
      irb (~> 1.10)
      reline (>= 0.3.8)
    deep_merge (1.2.2)
    deprecation (1.1.0)
      activesupport
    diff-lcs (1.5.1)
    diffy (3.4.2)
    dlss-capistrano (4.4.1)
      bcrypt_pbkdf
      capistrano (~> 3.0)
      capistrano-bundle_audit (>= 0.3.0)
      capistrano-one_time_key
      capistrano-shared_configs
      ed25519
    docile (1.4.0)
    domain_name (0.6.20240107)
    dor-workflow-client (7.4.0)
      activesupport (>= 3.2.1, < 8)
      deprecation (>= 0.99.0)
      faraday (~> 2.0)
      faraday-retry (~> 2.0)
      nokogiri (~> 1.6)
      zeitwerk (~> 2.1)
    drb (2.2.1)
    druid-tools (2.2.1)
      deprecation
    dry-core (1.0.1)
      concurrent-ruby (~> 1.0)
      zeitwerk (~> 2.6)
    dry-inflector (1.0.0)
    dry-logic (1.5.0)
      concurrent-ruby (~> 1.0)
      dry-core (~> 1.0, < 2)
      zeitwerk (~> 2.6)
    dry-monads (1.6.0)
      concurrent-ruby (~> 1.0)
      dry-core (~> 1.0, < 2)
      zeitwerk (~> 2.6)
    dry-struct (1.6.0)
      dry-core (~> 1.0, < 2)
      dry-types (>= 1.7, < 2)
      ice_nine (~> 0.11)
      zeitwerk (~> 2.6)
    dry-types (1.7.2)
      bigdecimal (~> 3.0)
      concurrent-ruby (~> 1.0)
      dry-core (~> 1.0)
      dry-inflector (~> 1.0)
      dry-logic (~> 1.4)
      zeitwerk (~> 2.6)
    ed25519 (1.3.0)
    edtf (3.1.1)
      activesupport (>= 3.0, < 8.0)
    equivalent-xml (0.6.0)
      nokogiri (>= 1.4.3)
    erubi (1.12.0)
    factory_bot (6.4.6)
      activesupport (>= 5.0.0)
    factory_bot_rails (6.4.3)
      factory_bot (~> 6.4)
      railties (>= 5.0.0)
    faraday (2.9.0)
      faraday-net_http (>= 2.0, < 3.2)
    faraday-cookie_jar (0.0.7)
      faraday (>= 0.8.0)
      http-cookie (~> 1.0.0)
    faraday-net_http (3.1.0)
      net-http
    faraday-retry (2.2.1)
      faraday (~> 2.0)
    folio_client (0.16.0)
      activesupport (>= 4.2, < 8)
      dry-monads
      faraday
      faraday-cookie_jar
      marc
      zeitwerk
    globalid (1.2.1)
      activesupport (>= 6.1)
    graphiql-rails (1.10.0)
      railties
    graphql (2.3.3)
      base64
    hashdiff (1.1.0)
    hashie (5.0.0)
    honeybadger (5.10.0)
    http-cookie (1.0.5)
      domain_name (~> 0.5)
    i18n (1.14.5)
      concurrent-ruby (~> 1.0)
    ice_nine (0.11.2)
    io-console (0.7.2)
    irb (1.13.1)
      rdoc (>= 4.0.0)
      reline (>= 0.4.2)
    iso-639 (0.3.6)
    jbuilder (2.12.0)
      actionview (>= 5.0.0)
      activesupport (>= 5.0.0)
    json (2.7.2)
    json_schema (0.21.0)
    jsonpath (1.1.5)
      multi_json
    jwt (2.8.1)
      base64
    language_server-protocol (3.17.0.3)
    lograge (0.14.0)
      actionpack (>= 4)
      activesupport (>= 4)
      railties (>= 4)
      request_store (~> 1.0)
    loofah (2.22.0)
      crass (~> 1.0.2)
      nokogiri (>= 1.12.0)
    mail (2.8.1)
      mini_mime (>= 0.1.1)
      net-imap
      net-pop
      net-smtp
    mais_orcid_client (0.3.1)
      activesupport (>= 4.2, < 8)
      faraday
      faraday-retry
      oauth2
      zeitwerk
    marc (1.2.0)
      rexml
      scrub_rb (>= 1.0.1, < 2)
      unf
    marc-vocab (0.3.0)
    marcel (1.0.4)
    mini_mime (1.1.5)
    minitest (5.22.3)
    moab-versioning (6.1.0)
      druid-tools (>= 1.0.0)
      json
      nokogiri
      nokogiri-happymapper
    mods (3.0.4)
      edtf (~> 3.0)
      iso-639
      nokogiri (>= 1.6.6)
      nom-xml (~> 1.0)
    msgpack (1.7.2)
    multi_json (1.15.0)
    multi_xml (0.7.1)
      bigdecimal (~> 3.1)
    mutex_m (0.2.0)
    net-http (0.4.1)
      uri
    net-imap (0.4.11)
      date
      net-protocol
    net-pop (0.1.2)
      net-protocol
    net-protocol (0.2.2)
      timeout
    net-scp (4.0.0)
      net-ssh (>= 2.6.5, < 8.0.0)
    net-sftp (4.0.0)
      net-ssh (>= 5.0.0, < 8.0.0)
    net-smtp (0.5.0)
      net-protocol
    net-ssh (7.2.3)
    nio4r (2.7.3)
    nokogiri (1.16.5-aarch64-linux)
      racc (~> 1.4)
    nokogiri (1.16.5-arm64-darwin)
      racc (~> 1.4)
    nokogiri (1.16.5-x86_64-darwin)
      racc (~> 1.4)
    nokogiri (1.16.5-x86_64-linux)
      racc (~> 1.4)
    nokogiri-happymapper (0.10.0)
      nokogiri (~> 1.5)
    nom-xml (1.2.0)
      i18n
      nokogiri
    oauth2 (2.0.9)
      faraday (>= 0.17.3, < 3.0)
      jwt (>= 1.0, < 3.0)
      multi_xml (~> 0.5)
      rack (>= 1.2, < 4)
      snaky_hash (~> 2.0)
      version_gem (~> 1.1)
    okcomputer (1.18.5)
    openapi3_parser (0.9.2)
      commonmarker (~> 0.17)
    openapi_parser (1.0.0)
    optimist (3.1.0)
    parallel (1.24.0)
    parser (3.3.1.0)
      ast (~> 2.4.1)
      racc
    patience_diff (1.2.0)
      optimist (~> 3.0)
    pg (1.5.6)
    preservation-client (6.2.0)
      activesupport (>= 4.2, < 8)
      faraday (~> 2.0)
      moab-versioning (>= 5.0.0, < 7)
      zeitwerk (~> 2.1)
    propshaft (0.8.0)
      actionpack (>= 7.0.0)
      activesupport (>= 7.0.0)
      rack
      railties (>= 7.0.0)
    psych (5.1.2)
      stringio
    public_suffix (5.0.5)
    puma (6.4.2)
      nio4r (~> 2.0)
    purl_fetcher-client (1.2.2)
      activesupport
      faraday (~> 2.1)
    racc (1.7.3)
    rack (3.0.11)
    rack-console (1.4.0)
      rack (~> 3.0)
      rack-test
    rack-session (2.0.0)
      rack (>= 3.0.0)
    rack-test (2.1.0)
      rack (>= 1.3)
    rackup (2.1.0)
      rack (>= 3)
      webrick (~> 1.8)
    rails (7.1.3.2)
      actioncable (= 7.1.3.2)
      actionmailbox (= 7.1.3.2)
      actionmailer (= 7.1.3.2)
      actionpack (= 7.1.3.2)
      actiontext (= 7.1.3.2)
      actionview (= 7.1.3.2)
      activejob (= 7.1.3.2)
      activemodel (= 7.1.3.2)
      activerecord (= 7.1.3.2)
      activestorage (= 7.1.3.2)
      activesupport (= 7.1.3.2)
      bundler (>= 1.15.0)
      railties (= 7.1.3.2)
    rails-dom-testing (2.2.0)
      activesupport (>= 5.0.0)
      minitest
      nokogiri (>= 1.6)
    rails-html-sanitizer (1.6.0)
      loofah (~> 2.21)
      nokogiri (~> 1.14)
    railties (7.1.3.2)
      actionpack (= 7.1.3.2)
      activesupport (= 7.1.3.2)
      irb
      rackup (>= 1.0.0)
      rake (>= 12.2)
      thor (~> 1.0, >= 1.2.2)
      zeitwerk (~> 2.6)
    rainbow (3.1.1)
    rake (12.3.3)
    rbtree (0.4.6)
    rdoc (6.6.3.1)
      psych (>= 4.0.0)
    redis-client (0.22.1)
      connection_pool
    regexp_parser (2.9.1)
    reline (0.5.6)
      io-console (~> 0.5)
    request_store (1.7.0)
      rack (>= 1.4)
    retries (0.0.5)
    rexml (3.2.6)
    rsolr (2.6.0)
      builder (>= 2.1.2)
      faraday (>= 0.9, < 3, != 2.0.0)
    rspec-core (3.13.0)
      rspec-support (~> 3.13.0)
    rspec-expectations (3.13.0)
      diff-lcs (>= 1.2.0, < 2.0)
      rspec-support (~> 3.13.0)
    rspec-mocks (3.13.1)
      diff-lcs (>= 1.2.0, < 2.0)
      rspec-support (~> 3.13.0)
    rspec-rails (6.1.2)
      actionpack (>= 6.1)
      activesupport (>= 6.1)
      railties (>= 6.1)
      rspec-core (~> 3.13)
      rspec-expectations (~> 3.13)
      rspec-mocks (~> 3.13)
      rspec-support (~> 3.13)
    rspec-support (3.13.1)
    rspec_junit_formatter (0.6.0)
      rspec-core (>= 2, < 4, != 2.12.0)
    rss (0.3.0)
      rexml
    rubocop (1.63.5)
      json (~> 2.3)
      language_server-protocol (>= 3.17.0)
      parallel (~> 1.10)
      parser (>= 3.3.0.2)
      rainbow (>= 2.2.2, < 4.0)
      regexp_parser (>= 1.8, < 3.0)
      rexml (>= 3.2.5, < 4.0)
      rubocop-ast (>= 1.31.1, < 2.0)
      ruby-progressbar (~> 1.7)
      unicode-display_width (>= 2.4.0, < 3.0)
    rubocop-ast (1.31.3)
      parser (>= 3.3.1.0)
    rubocop-capybara (2.20.0)
      rubocop (~> 1.41)
    rubocop-factory_bot (2.25.1)
      rubocop (~> 1.41)
    rubocop-performance (1.21.0)
      rubocop (>= 1.48.1, < 2.0)
      rubocop-ast (>= 1.31.1, < 2.0)
    rubocop-rails (2.24.1)
      activesupport (>= 4.2.0)
      rack (>= 1.1)
      rubocop (>= 1.33.0, < 2.0)
      rubocop-ast (>= 1.31.1, < 2.0)
    rubocop-rspec (2.29.2)
      rubocop (~> 1.40)
      rubocop-capybara (~> 2.17)
      rubocop-factory_bot (~> 2.22)
      rubocop-rspec_rails (~> 2.28)
    rubocop-rspec_rails (2.28.3)
      rubocop (~> 1.40)
    ruby-cache (0.3.0)
    ruby-progressbar (1.13.0)
    scrub_rb (1.0.1)
    serverengine (2.1.1)
      sigdump (~> 0.2.2)
    set (1.1.0)
    sidekiq (7.2.4)
      concurrent-ruby (< 2)
      connection_pool (>= 2.3.0)
      rack (>= 2.2.4)
      redis-client (>= 0.19.0)
    sigdump (0.2.5)
    simplecov (0.22.0)
      docile (~> 1.1)
      simplecov-html (~> 0.11)
      simplecov_json_formatter (~> 0.1)
    simplecov-html (0.12.3)
    simplecov_json_formatter (0.1.4)
    snaky_hash (2.0.1)
      hashie
      version_gem (~> 1.1, >= 1.1.1)
    sneakers (2.12.0)
      bunny (~> 2.14)
      concurrent-ruby (~> 1.0)
      rake (~> 12.3)
      serverengine (~> 2.1.0)
      thor
    sorted_set (1.0.3)
      rbtree
      set (~> 1.0)
    sshkit (1.22.2)
      base64
      mutex_m
      net-scp (>= 1.1.2)
      net-sftp (>= 2.1.2)
      net-ssh (>= 2.8.0)
    stanford-mods (3.3.9)
      activesupport
      mods (~> 3.0, >= 3.0.4)
    stringio (3.1.0)
    strings-ansi (0.2.0)
    sul_orcid_client (0.4.1)
      activesupport (>= 4.2, < 8)
      cocina-models (~> 0.90)
      faraday
      faraday-retry
      oauth2
      zeitwerk
    super_diff (0.12.1)
      attr_extras (>= 6.2.4)
      diff-lcs
      patience_diff
    thor (1.3.1)
    timeout (0.4.1)
    tty-cursor (0.7.1)
    tty-progressbar (0.18.2)
      strings-ansi (~> 0.2)
      tty-cursor (~> 0.7)
      tty-screen (~> 0.8)
      unicode-display_width (>= 1.6, < 3.0)
    tty-screen (0.8.2)
    tzinfo (2.0.6)
      concurrent-ruby (~> 1.0)
    unf (0.1.4)
      unf_ext
    unf_ext (0.0.9.1)
    unicode-display_width (2.5.0)
    uri (0.13.0)
    uuidtools (2.1.5)
    version_gem (1.1.4)
    webmock (3.23.0)
      addressable (>= 2.8.0)
      crack (>= 0.3.2)
      hashdiff (>= 0.4.0, < 2.0.0)
    webrick (1.8.1)
    websocket-driver (0.7.6)
      websocket-extensions (>= 0.1.0)
    websocket-extensions (0.1.5)
    whenever (1.0.0)
      chronic (>= 0.6.3)
    zeitwerk (2.6.13)

PLATFORMS
  aarch64-linux-musl
  arm64-darwin-23
  x86_64-darwin-19
  x86_64-darwin-20
  x86_64-darwin-21
  x86_64-darwin-22
  x86_64-darwin-23
  x86_64-linux

DEPENDENCIES
  bootsnap (>= 1.4.2)
  bunny (~> 2.17)
  capistrano (~> 3.6)
  capistrano-bundler
  capistrano-passenger
  capistrano-rails
  capistrano-shared_configs
  cocina-models (~> 0.96.0)
  committee
  config
  daemons
  datacite (~> 0.3.0)
  debug
  diffy
  dlss-capistrano
  dor-workflow-client (~> 7.3)
  druid-tools (~> 2.2)
  dry-monads
  edtf (~> 3.0)
  equivalent-xml
  factory_bot_rails
  faraday (~> 2.0)
  faraday-retry
  folio_client (~> 0.8)
  graphiql-rails
  graphql
  honeybadger
  jbuilder
  jsonpath (~> 1.1)
  jwt
  lograge
  mais_orcid_client
  marc
  marc-vocab (~> 0.3.0)
  moab-versioning (~> 6.0)
  okcomputer
  parallel
  pg
  preservation-client (~> 6.0)
  propshaft
  puma (~> 6.0)
  purl_fetcher-client (~> 1.2.0)
  rack-console
  rails (~> 7.1.0)
  retries
  rsolr
  rspec-rails
  rspec_junit_formatter
  rss (~> 0.2)
  rubocop
  rubocop-performance
  rubocop-rails
  rubocop-rspec
  ruby-cache (~> 0.3.0)
  sidekiq (~> 7.0)
  simplecov
  sneakers (~> 2.11)
  stanford-mods
  sul_orcid_client (~> 0.3)
  tty-progressbar
  uuidtools (~> 2.1.4)
  webmock
  whenever

BUNDLED WITH
   2.5.9
